GEM
  remote: http://rubygems.org/
  specs:
    bson (1.10.0)
    cf-app-utils (0.2)
    mongo (1.10.0)
      bson (~> 1.10.0)
    pg (0.17.1)
    rack (1.5.2)
    rack-protection (1.5.3)
      rack
    redis (3.0.7)
    sinatra (1.4.5)
      rack (~> 1.4)
      rack-protection (~> 1.4)
      tilt (~> 1.3, >= 1.3.4)
    tilt (1.4.1)

PLATFORMS
  ruby

DEPENDENCIES
  cf-app-utils
  mongo
  pg
  redis
  sinatra
